GEM
  remote: https://rubygems.org/
  specs:
    hirb (0.7.3)
    minitest (5.10.1)
    trailblazer-activity (0.5.2)
      hirb
      trailblazer-context
    trailblazer-context (0.1.2)
    trailblazer-operation (0.2.5)
      trailblazer-activity (>= 0.5.2, < 0.7.0)
      trailblazer-context (>= 0.1.1, < 0.3.0)

PLATFORMS
  ruby

DEPENDENCIES
  minitest
  trailblazer-activity
  trailblazer-operation

BUNDLED WITH
   1.16.1
