GIT
  remote: git://github.com/trailblazer/operation.git
  revision: c522f9a60f80296c2b932f78d5d24418d76a4468
  specs:
    trailblazer-operation (0.0.3)
      declarative
      pipetree (>= 0.0.4, < 0.1.0)
      uber (>= 0.1.0, < 0.2.0)

GEM
  remote: https://rubygems.org/
  specs:
    activemodel (5.0.0.1)
      activesupport (= 5.0.0.1)
    activerecord (5.0.0.1)
      activemodel (= 5.0.0.1)
      activesupport (= 5.0.0.1)
      arel (~> 7.0)
    activesupport (5.0.0.1)
      concurrent-ruby (~> 1.0, >= 1.0.2)
      i18n (~> 0.7)
      minitest (~> 5.1)
      tzinfo (~> 1.1)
    arel (7.1.2)
    concurrent-ruby (1.0.2)
    declarative (0.0.8)
      uber (>= 0.0.15)
    i18n (0.7.0)
    minitest (5.9.1)
    pipetree (0.0.4)
    sqlite3 (1.3.12)
    thread_safe (0.3.5)
    tzinfo (1.2.2)
      thread_safe (~> 0.1)
    uber (0.1.0)

PLATFORMS
  ruby

DEPENDENCIES
  activerecord
  sqlite3
  trailblazer-operation!

BUNDLED WITH
   1.13.6
