GEM
  remote: https://rubygems.org/
  specs:
    hirb (0.7.3)
    minitest (5.10.1)
    trailblazer-activity (0.5.2)
      hirb
      trailblazer-context
    trailblazer-context (0.1.2)

PLATFORMS
  ruby

DEPENDENCIES
  minitest
  trailblazer-activity

BUNDLED WITH
   1.16.1
